GEM
  remote: http://rubygems.org/
  specs:
    builder (3.0.0)
    cucumber (0.10.2)
      builder (>= 2.1.2)
      diff-lcs (>= 1.1.2)
      gherkin (>= 2.3.5)
      json (>= 1.4.6)
      term-ansicolor (>= 1.0.5)
    diff-lcs (1.1.2)
    gherkin (2.3.5)
      json (>= 1.4.6)
    gherkin (2.3.5-java)
      json (>= 1.4.6)
    hoe (2.12.4)
      rake (~> 0.8)
    json (1.5.1)
    json (1.5.1-java)
    rake (0.9.2.2)
    rcov (0.9.9)
    rcov (0.9.9-java)
    rspec (2.6.0)
      rspec-core (~> 2.6.0)
      rspec-expectations (~> 2.6.0)
      rspec-mocks (~> 2.6.0)
    rspec-core (2.6.4)
    rspec-expectations (2.6.0)
      diff-lcs (~> 1.1.2)
    rspec-mocks (2.6.0)
    term-ansicolor (1.0.5)
    test-unit (2.3.0)

PLATFORMS
  java
  ruby

DEPENDENCIES
  builder
  cucumber
  hoe
  rcov
  rspec (> 2.0.0)
  test-unit (> 2.0.0)
